GEM
  remote: http://rubygems.org/
  specs:
    commonjs (0.2.7)
    diff-lcs (1.2.5)
    font-awesome-less (4.7.0)
      less (>= 2.4.0)
    httparty (0.13.7)
      json (~> 1.8)
      multi_xml (>= 0.5.2)
    json (1.8.3)
    less (2.6.0)
      commonjs (~> 0.2.7)
    multi_xml (0.6.0)
    nokogiri (1.3.3)
    rack (1.6.5)
    rack-protection (1.5.3)
      rack
    rake (10.5.0)
    rspec (3.5.0)
      rspec-core (~> 3.5.0)
      rspec-expectations (~> 3.5.0)
      rspec-mocks (~> 3.5.0)
    rspec-core (3.5.4)
      rspec-support (~> 3.5.0)
    rspec-expectations (3.5.0)
      diff-lcs (>= 1.2.0, < 2.0)
      rspec-support (~> 3.5.0)
    rspec-mocks (3.5.0)
      diff-lcs (>= 1.2.0, < 2.0)
      rspec-support (~> 3.5.0)
    rspec-support (3.5.0)
    sinatra (1.4.7)
      rack (~> 1.5)
      rack-protection (~> 1.4)
      tilt (>= 1.3, < 3)
    tilt (2.0.5)

PLATFORMS
  ruby

DEPENDENCIES
  font-awesome-less
  httparty (~> 0.13.7)
  json (~> 1.8, >= 1.8.3)
  nokogiri (= 1.3.3)
  rake (~> 10.4, >= 10.4.2)
  rspec
  sinatra (= 1.4.7)

RUBY VERSION
   ruby 2.0.0p648

BUNDLED WITH
   1.13.7
