GEM
  remote: http://rubygems.org/
  specs:
    commonjs (0.2.7)
    diff-lcs (1.2.5)
    font-awesome-less (4.7.0)
      less (>= 2.4.0)
    less (2.6.0)
      commonjs (~> 0.2.7)
    rack (1.6.5)
    rack-protection (1.5.3)
      rack
    rspec (3.5.0)
      rspec-core (~> 3.5.0)
      rspec-expectations (~> 3.5.0)
      rspec-mocks (~> 3.5.0)
    rspec-core (3.5.4)
      rspec-support (~> 3.5.0)
    rspec-expectations (3.5.0)
      diff-lcs (>= 1.2.0, < 2.0)
      rspec-support (~> 3.5.0)
    rspec-mocks (3.5.0)
      diff-lcs (>= 1.2.0, < 2.0)
      rspec-support (~> 3.5.0)
    rspec-support (3.5.0)
    sinatra (1.4.7)
      rack (~> 1.5)
      rack-protection (~> 1.4)
      tilt (>= 1.3, < 3)
    tilt (2.0.5)

PLATFORMS
  ruby

DEPENDENCIES
  font-awesome-less
  rspec
  sinatra (= 1.4.7)

BUNDLED WITH
   1.13.7
